GEM
  remote: https://rubygems.org/
  specs:
    binary_search_tree (2.2)

PLATFORMS
  ruby

DEPENDENCIES
  binary_search_tree (~> 2.0)

BUNDLED WITH
   2.0.1
